GEM
  remote: https://rubygems.org/
  specs:
    activesupport (7.0.4)
      concurrent-ruby (~> 1.0, >= 1.0.2)
      i18n (>= 1.6, < 2)
      minitest (>= 5.1)
      tzinfo (~> 2.0)
    aws-eventstream (1.2.0)
    aws-partitions (1.647.0)
    aws-sdk-core (3.161.0)
      aws-eventstream (~> 1, >= 1.0.2)
      aws-partitions (~> 1, >= 1.525.0)
      aws-sigv4 (~> 1.1)
      jmespath (~> 1, >= 1.6.1)
    aws-sdk-kms (1.58.0)
      aws-sdk-core (~> 3, >= 3.127.0)
      aws-sigv4 (~> 1.1)
    aws-sdk-s3 (1.114.0)
      aws-sdk-core (~> 3, >= 3.127.0)
      aws-sdk-kms (~> 1)
      aws-sigv4 (~> 1.4)
    aws-sigv4 (1.5.2)
      aws-eventstream (~> 1, >= 1.0.2)
    concurrent-ruby (1.1.10)
    i18n (1.12.0)
      concurrent-ruby (~> 1.0)
    jmespath (1.6.1)
    minitest (5.16.3)
    nokogiri (1.13.9-x86_64-darwin)
      racc (~> 1.4)
    racc (1.6.0)
    tzinfo (2.0.5)
      concurrent-ruby (~> 1.0)
    zip_tricks (5.6.0)
    zlib (2.1.1)

PLATFORMS
  x86_64-darwin-21

DEPENDENCIES
  activesupport (~> 7.0.4)
  aws-sdk-s3 (~> 1.114)
  nokogiri (~> 1.13.9)
  zip_tricks (~> 5.6)
  zlib (~> 2.1.1)

RUBY VERSION
   ruby 3.1.2p20

BUNDLED WITH
   2.3.17
